GIT
  remote: https://github.com/capistrano/capistrano.git
  revision: 08a82f3618425eae7539e2bbd34a87e35bac2800
  branch: legacy-v2
  specs:
    capistrano (2.15.9)
      highline
      net-scp (>= 1.0.0)
      net-sftp (>= 2.0.0)
      net-ssh (>= 2.0.14)
      net-ssh-gateway (>= 1.1.0)

GIT
  remote: https://github.com/nono/diff_match_patch-ruby.git
  revision: acb4147cf0e37d63a7bc8ac0546911af4394b94b
  specs:
    diff_match_patch (0.0.1)

GIT
  remote: https://github.com/postmodern/ffi-hunspell.git
  revision: c5c98da6f39dace66ef2522ab75bb147dd7ddd27
  specs:
    ffi-hunspell (0.3.1)
      ffi (~> 1.0)

GEM
  remote: https://rubygems.org/
  specs:
    actionmailer (4.2.8)
      actionpack (= 4.2.8)
      actionview (= 4.2.8)
      activejob (= 4.2.8)
      mail (~> 2.5, >= 2.5.4)
      rails-dom-testing (~> 1.0, >= 1.0.5)
    actionpack (4.2.8)
      actionview (= 4.2.8)
      activesupport (= 4.2.8)
      rack (~> 1.6)
      rack-test (~> 0.6.2)
      rails-dom-testing (~> 1.0, >= 1.0.5)
      rails-html-sanitizer (~> 1.0, >= 1.0.2)
    actionpack-page_caching (1.0.2)
      actionpack (>= 4.0.0, < 5)
    actionview (4.2.8)
      activesupport (= 4.2.8)
      builder (~> 3.1)
      erubis (~> 2.7.0)
      rails-dom-testing (~> 1.0, >= 1.0.5)
      rails-html-sanitizer (~> 1.0, >= 1.0.3)
    activejob (4.2.8)
      activesupport (= 4.2.8)
      globalid (>= 0.3.0)
    activemodel (4.2.8)
      activesupport (= 4.2.8)
      builder (~> 3.1)
    activerecord (4.2.8)
      activemodel (= 4.2.8)
      activesupport (= 4.2.8)
      arel (~> 6.0)
    activesupport (4.2.8)
      i18n (~> 0.7)
      minitest (~> 5.1)
      thread_safe (~> 0.3, >= 0.3.4)
      tzinfo (~> 1.1)
    acts_as_list (0.6.0)
      activerecord (>= 3.0)
    addressable (2.3.8)
    annotate (2.6.8)
      activerecord (>= 3.2, <= 4.3)
      rake (~> 10.4)
    ansi (1.5.0)
    arel (6.0.4)
    bcrypt (3.1.10)
    better_errors (2.1.1)
      coderay (>= 1.0.0)
      erubis (>= 2.6.6)
      rack (>= 0.9.0)
    binding_of_caller (0.7.2)
      debug_inspector (>= 0.0.1)
    bitfields (0.5.2)
    boson (1.3.0)
    builder (3.2.3)
    byebug (4.0.5)
      columnize (= 0.9.0)
    canable (0.3.0)
    capistrano-maintenance (0.0.4)
      capistrano (>= 2.0.0)
    capybara (2.4.4)
      mime-types (>= 1.16)
      nokogiri (>= 1.3.3)
      rack (>= 1.0.0)
      rack-test (>= 0.5.4)
      xpath (~> 2.0)
    carrierwave (0.10.0)
      activemodel (>= 3.2.0)
      activesupport (>= 3.2.0)
      json (>= 1.7)
      mime-types (>= 1.16)
    coderay (1.1.0)
    coffee-rails (4.1.0)
      coffee-script (>= 2.2.0)
      railties (>= 4.0.0, < 5.0)
    coffee-script (2.4.1)
      coffee-script-source
      execjs
    coffee-script-source (1.9.1)
    columnize (0.9.0)
    concurrent-ruby (1.0.5)
    crass (1.0.2)
    daemons (1.2.4)
    database_cleaner (1.4.1)
    debug_inspector (0.0.2)
    devise (3.4.1)
      bcrypt (~> 3.0)
      orm_adapter (~> 0.1)
      railties (>= 3.2.6, < 5)
      responders
      thread_safe (~> 0.1)
      warden (~> 1.2.3)
    diff-lcs (1.2.5)
    doorkeeper (2.1.4)
      railties (>= 3.2)
    erubis (2.7.0)
    escape_utils (1.2.1)
    eventmachine (1.2.1)
    execjs (2.5.0)
    factory_girl (2.6.4)
      activesupport (>= 2.3.9)
    factory_girl_rails (1.7.0)
      factory_girl (~> 2.6.0)
      railties (>= 3.0.0)
    ffi (1.9.14)
    french_rails (0.3.0)
      rails (~> 4.0)
    friendly_id (5.1.0)
      activerecord (>= 4.0.0)
    fuubar (2.0.0)
      rspec (~> 3.0)
      ruby-progressbar (~> 1.4)
    gctools (0.2.4)
    globalid (0.3.7)
      activesupport (>= 4.1.0)
    haml (4.0.7)
      tilt
    has_scope (0.6.0)
      actionpack (>= 3.2, < 5)
      activesupport (>= 3.2, < 5)
    highline (1.7.8)
    hiredis (0.6.0)
    html-pipeline-linuxfr (0.14.30)
      activesupport (~> 4.2)
      escape_utils (~> 1.2)
      nokogiri (~> 1.6)
      patron (~> 0.8)
      pygments.rb (~> 1.1)
      redcarpet (~> 3.4)
      sanitize (~> 4.0)
    html_spellchecker (0.1.8)
      ffi-hunspell (= 0.3.1)
      nokogiri (~> 1.4)
    html_truncator (0.4.1)
      nokogiri (~> 1.5)
    htmlentities (4.3.4)
    i18n (0.9.1)
      concurrent-ruby (~> 1.0)
    inherited_resources (1.6.0)
      actionpack (>= 3.2, < 5)
      has_scope (~> 0.6.0.rc)
      railties (>= 3.2, < 5)
      responders
    jquery-rails (4.0.4)
      rails-dom-testing (~> 1.0)
      railties (>= 4.2.0)
      thor (>= 0.14, < 2.0)
    json (2.0.3)
    kaminari (0.16.3)
      actionpack (>= 3.0.0)
      activesupport (>= 3.0.0)
    kgio (2.11.0)
    launchy (2.4.3)
      addressable (~> 2.3)
    letter_opener (1.3.0)
      launchy (~> 2.2)
    libv8 (3.16.14.19)
    loofah (2.0.3)
      nokogiri (>= 1.5.9)
    mail (2.6.6)
      mime-types (>= 1.16, < 4)
    method_source (0.8.2)
    mime-types (3.1)
      mime-types-data (~> 3.2015)
    mime-types-data (3.2016.0521)
    mini_magick (3.8.1)
      subexec (~> 0.2.1)
    mini_portile (0.6.2)
    minitest (5.10.3)
    mo (1.4.0)
      boson
    multi_json (1.12.2)
    mysql2 (0.4.5)
    net-scp (1.2.1)
      net-ssh (>= 2.6.5)
    net-sftp (2.1.2)
      net-ssh (>= 2.6.5)
    net-ssh (4.0.0)
    net-ssh-gateway (1.2.0)
      net-ssh (>= 2.6.5)
    nokogiri (1.6.5)
      mini_portile (~> 0.6.0)
    nokogumbo (1.4.13)
      nokogiri
    orm_adapter (0.5.0)
    patron (0.10.0)
    pry (0.10.1)
      coderay (~> 1.1.0)
      method_source (~> 0.8.1)
      slop (~> 3.4)
    pry-rails (0.3.4)
      pry (>= 0.9.10)
    pygments.rb (1.2.0)
      multi_json (>= 1.0.0)
    quiet_assets (1.1.0)
      railties (>= 3.1, < 5.0)
    rack (1.6.5)
    rack-test (0.6.3)
      rack (>= 1.0)
    rails (4.2.8)
      actionmailer (= 4.2.8)
      actionpack (= 4.2.8)
      actionview (= 4.2.8)
      activejob (= 4.2.8)
      activemodel (= 4.2.8)
      activerecord (= 4.2.8)
      activesupport (= 4.2.8)
      bundler (>= 1.3.0, < 2.0)
      railties (= 4.2.8)
      sprockets-rails
    rails-deprecated_sanitizer (1.0.3)
      activesupport (>= 4.2.0.alpha)
    rails-dom-testing (1.0.8)
      activesupport (>= 4.2.0.beta, < 5.0)
      nokogiri (~> 1.6)
      rails-deprecated_sanitizer (>= 1.0.1)
    rails-html-sanitizer (1.0.3)
      loofah (~> 2.0)
    railties (4.2.8)
      actionpack (= 4.2.8)
      activesupport (= 4.2.8)
      rake (>= 0.8.7)
      thor (>= 0.18.1, < 2.0)
    raindrops (0.17.0)
    rake (10.5.0)
    redcarpet (3.4.0)
    redis (3.3.2)
    redis-activesupport (4.1.5)
      activesupport (>= 3, < 5)
      redis-store (~> 1.1.0)
    redis-store (1.1.7)
      redis (>= 2.2)
    ref (2.0.0)
    responders (2.1.0)
      railties (>= 4.2.0, < 5)
    rinku (1.7.3)
    rspec (3.2.0)
      rspec-core (~> 3.2.0)
      rspec-expectations (~> 3.2.0)
      rspec-mocks (~> 3.2.0)
    rspec-core (3.2.3)
      rspec-support (~> 3.2.0)
    rspec-expectations (3.2.1)
      diff-lcs (>= 1.2.0, < 2.0)
      rspec-support (~> 3.2.0)
    rspec-mocks (3.2.1)
      diff-lcs (>= 1.2.0, < 2.0)
      rspec-support (~> 3.2.0)
    rspec-rails (3.2.1)
      actionpack (>= 3.0, < 4.3)
      activesupport (>= 3.0, < 4.3)
      railties (>= 3.0, < 4.3)
      rspec-core (~> 3.2.0)
      rspec-expectations (~> 3.2.0)
      rspec-mocks (~> 3.2.0)
      rspec-support (~> 3.2.0)
    rspec-support (3.2.2)
    ruby-progressbar (1.7.5)
    sanitize (4.5.0)
      crass (~> 1.0.2)
      nokogiri (>= 1.4.4)
      nokogumbo (~> 1.4.1)
    sass (3.4.22)
    sass-rails (5.0.6)
      railties (>= 4.0.0, < 6)
      sass (~> 3.1)
      sprockets (>= 2.8, < 4.0)
      sprockets-rails (>= 2.0, < 4.0)
      tilt (>= 1.1, < 3)
    sitemap_generator (2.2.1)
    slop (3.6.0)
    spring (2.0.2)
      activesupport (>= 4.2)
    sprockets (3.7.1)
      concurrent-ruby (~> 1.0)
      rack (> 1, < 3)
    sprockets-rails (3.2.0)
      actionpack (>= 4.0)
      activesupport (>= 4.0)
      sprockets (>= 3.0.0)
    state_machine (1.2.0)
    subexec (0.2.3)
    sushi (0.0.4)
    therubyracer (0.12.3)
      libv8 (~> 3.16.14.15)
      ref
    thin (1.7.0)
      daemons (~> 1.0, >= 1.0.9)
      eventmachine (~> 1.0, >= 1.0.4)
      rack (>= 1, < 3)
    thor (0.19.4)
    thread_safe (0.3.6)
    tilt (2.0.5)
    tzinfo (1.2.4)
      thread_safe (~> 0.1)
    uglifier (2.7.1)
      execjs (>= 0.3.0)
      json (>= 1.8.0)
    unicorn (5.2.0)
      kgio (~> 2.6)
      raindrops (~> 0.7)
    warden (1.2.3)
      rack (>= 1.0)
    web-console (2.2.1)
      activemodel (>= 4.0)
      binding_of_caller (>= 0.7.2)
      railties (>= 4.0)
      sprockets-rails (>= 2.0, < 4.0)
    xpath (2.0.0)
      nokogiri (~> 1.3)

PLATFORMS
  ruby

DEPENDENCIES
  actionpack-page_caching (~> 1.0)
  acts_as_list (~> 0.4)
  annotate
  ansi (~> 1.4)
  better_errors
  binding_of_caller
  bitfields (~> 0.4)
  byebug
  canable (~> 0.1)
  capistrano (~> 2.15)!
  capistrano-maintenance
  capybara (~> 2.4)
  carrierwave (~> 0.10)
  coffee-rails (~> 4.1)
  database_cleaner (~> 1.2)
  devise (~> 3.3)
  diff_match_patch!
  doorkeeper (~> 2.1)
  factory_girl_rails (~> 1.6)
  ffi-hunspell!
  french_rails (~> 0.3)
  friendly_id (~> 5.1)
  fuubar (~> 2.0)
  gctools (~> 0.2)
  haml (~> 4.0)
  hiredis (~> 0.5)
  html-pipeline-linuxfr (~> 0.14)
  html_spellchecker (~> 0.1)
  html_truncator (~> 0.4)
  htmlentities (~> 4.3)
  inherited_resources (~> 1.6)
  jquery-rails (~> 4.0)
  kaminari (~> 0.15)
  letter_opener
  mini_magick (~> 3.8)
  mo
  mysql2 (~> 0.3)
  nokogiri (= 1.6.5)
  pry-rails
  quiet_assets
  rails (= 4.2.8)
  redis (~> 3.0)
  redis-activesupport (~> 4.0)
  rinku (~> 1.7)
  rspec-rails (~> 3.2)
  sass-rails (~> 5.0)
  sitemap_generator (~> 2.1)
  spring
  state_machine (~> 1.2)
  sushi
  therubyracer (~> 0.12.3)
  thin
  uglifier
  unicorn (~> 5.1)
  web-console (~> 2.1)

BUNDLED WITH
   1.15.4
